GEM
  remote: https://rubygems.org/
  specs:
    addressable (2.8.7)
      public_suffix (>= 2.0.2, < 7.0)
    base64 (0.2.0)
    bigdecimal (3.1.8)
    cgi (0.4.1)
    colorator (1.1.0)
    concurrent-ruby (1.3.4)
    csv (3.3.0)
    em-websocket (0.5.3)
      eventmachine (>= 0.12.9)
      http_parser.rb (~> 0)
    erb (4.0.4)
      cgi (>= 0.3.3)
    eventmachine (1.2.7)
    execjs (2.10.0)
    ffi (1.17.2-aarch64-linux-gnu)
    ffi (1.17.2-aarch64-linux-musl)
    ffi (1.17.2-arm-linux-gnu)
    ffi (1.17.2-arm-linux-musl)
    ffi (1.17.2-arm64-darwin)
    ffi (1.17.2-x86-linux-gnu)
    ffi (1.17.2-x86-linux-musl)
    ffi (1.17.2-x86_64-darwin)
    ffi (1.17.2-x86_64-linux-gnu)
    ffi (1.17.2-x86_64-linux-musl)
    forwardable-extended (2.6.0)
    google-protobuf (4.32.1)
      bigdecimal
      rake (>= 13)
    google-protobuf (4.32.1-aarch64-linux-gnu)
      bigdecimal
      rake (>= 13)
    google-protobuf (4.32.1-aarch64-linux-musl)
      bigdecimal
      rake (>= 13)
    google-protobuf (4.32.1-arm64-darwin)
      bigdecimal
      rake (>= 13)
    google-protobuf (4.32.1-x86-linux-gnu)
      bigdecimal
      rake (>= 13)
    google-protobuf (4.32.1-x86-linux-musl)
      bigdecimal
      rake (>= 13)
    google-protobuf (4.32.1-x86_64-darwin)
      bigdecimal
      rake (>= 13)
    google-protobuf (4.32.1-x86_64-linux-gnu)
      bigdecimal
      rake (>= 13)
    google-protobuf (4.32.1-x86_64-linux-musl)
      bigdecimal
      rake (>= 13)
    http_parser.rb (0.8.0)
    i18n (1.14.6)
      concurrent-ruby (~> 1.0)
    jekyll (4.3.4)
      addressable (~> 2.4)
      colorator (~> 1.0)
      em-websocket (~> 0.5)
      i18n (~> 1.0)
      jekyll-sass-converter (>= 2.0, < 4.0)
      jekyll-watch (~> 2.0)
      kramdown (~> 2.3, >= 2.3.1)
      kramdown-parser-gfm (~> 1.0)
      liquid (~> 4.0)
      mercenary (>= 0.3.6, < 0.5)
      pathutil (~> 0.9)
      rouge (>= 3.0, < 5.0)
      safe_yaml (~> 1.0)
      terminal-table (>= 1.8, < 4.0)
      webrick (~> 1.7)
    jekyll-feed (0.17.0)
      jekyll (>= 3.7, < 5.0)
    jekyll-last-modified-at (1.3.2)
      jekyll (>= 3.7, < 5.0)
    jekyll-pug (1.6.1)
      jekyll (>= 3.6, < 5.0)
      pug-ruby (~> 2.0)
    jekyll-redirect-from (0.16.0)
      jekyll (>= 3.3, < 5.0)
    jekyll-sass-converter (3.0.0)
      sass-embedded (~> 1.54)
    jekyll-sitemap (1.4.0)
      jekyll (>= 3.7, < 5.0)
    jekyll-toc (0.19.0)
      jekyll (>= 3.9)
      nokogiri (~> 1.12)
    jekyll-watch (2.2.1)
      listen (~> 3.0)
    kramdown (2.5.1)
      rexml (>= 3.3.9)
    kramdown-parser-gfm (1.1.0)
      kramdown (~> 2.0)
    liquid (4.0.4)
    listen (3.9.0)
      rb-fsevent (~> 0.10, >= 0.10.3)
      rb-inotify (~> 0.9, >= 0.9.10)
    logger (1.6.1)
    memoist (0.16.2)
    mercenary (0.4.0)
    method-not-implemented (1.0.1)
    mini_portile2 (2.8.9)
    nokogiri (1.18.10)
      mini_portile2 (~> 2.8.2)
      racc (~> 1.4)
    nokogiri (1.18.10-aarch64-linux-gnu)
      racc (~> 1.4)
    nokogiri (1.18.10-aarch64-linux-musl)
      racc (~> 1.4)
    nokogiri (1.18.10-arm-linux-gnu)
      racc (~> 1.4)
    nokogiri (1.18.10-arm-linux-musl)
      racc (~> 1.4)
    nokogiri (1.18.10-arm64-darwin)
      racc (~> 1.4)
    nokogiri (1.18.10-x86_64-darwin)
      racc (~> 1.4)
    nokogiri (1.18.10-x86_64-linux-gnu)
      racc (~> 1.4)
    nokogiri (1.18.10-x86_64-linux-musl)
      racc (~> 1.4)
    ostruct (0.6.1)
    pathutil (0.16.2)
      forwardable-extended (~> 2.6)
    public_suffix (6.0.1)
    pug-ruby (2.0.1)
      execjs (~> 2.0)
      memoist (~> 0.15)
      method-not-implemented (~> 1.0, >= 1.0.1)
      regexp-match-polyfill (~> 1.0, >= 1.0.2)
    racc (1.8.1)
    rake (13.2.1)
    rb-fsevent (0.11.2)
    rb-inotify (0.11.1)
      ffi (~> 1.0)
    regexp-match-polyfill (1.0.2)
    rexml (3.3.9)
    rouge (4.5.1)
    safe_yaml (1.0.5)
    sass-embedded (1.81.0-aarch64-linux-gnu)
      google-protobuf (~> 4.28)
    sass-embedded (1.81.0-aarch64-linux-musl)
      google-protobuf (~> 4.28)
    sass-embedded (1.81.0-arm-linux-gnueabihf)
      google-protobuf (~> 4.28)
    sass-embedded (1.81.0-arm-linux-musleabihf)
      google-protobuf (~> 4.28)
    sass-embedded (1.81.0-arm64-darwin)
      google-protobuf (~> 4.28)
    sass-embedded (1.81.0-x86-linux-gnu)
      google-protobuf (~> 4.28)
    sass-embedded (1.81.0-x86-linux-musl)
      google-protobuf (~> 4.28)
    sass-embedded (1.81.0-x86_64-darwin)
      google-protobuf (~> 4.28)
    sass-embedded (1.81.0-x86_64-linux-gnu)
      google-protobuf (~> 4.28)
    sass-embedded (1.81.0-x86_64-linux-musl)
      google-protobuf (~> 4.28)
    terminal-table (3.0.2)
      unicode-display_width (>= 1.1.1, < 3)
    unicode-display_width (2.6.0)
    webrick (1.9.0)

PLATFORMS
  aarch64-linux
  aarch64-linux-gnu
  aarch64-linux-musl
  arm-linux
  arm-linux-gnu
  arm-linux-gnueabihf
  arm-linux-musl
  arm-linux-musleabihf
  arm64-darwin
  x86-linux
  x86-linux-gnu
  x86-linux-musl
  x86_64-darwin
  x86_64-linux-gnu
  x86_64-linux-musl

DEPENDENCIES
  base64
  csv
  erb
  jekyll (~> 4.0)
  jekyll-feed
  jekyll-last-modified-at
  jekyll-pug
  jekyll-redirect-from (~> 0.16.0)
  jekyll-sitemap
  jekyll-toc
  logger
  ostruct

BUNDLED WITH
   2.5.23
